RESTRICTION: || (== net5.0-windows7.0) (== net50) (== netstandard2.1) (== xamarinmac)
NUGET
  remote: https://api.nuget.org/v3/index.json
    BlackFox.MasterOfFoo (1.0.1)
      FSharp.Core (>= 4.2.3)
    cef.redist.x64 (86.0.24) - restriction: || (== net5.0-windows7.0) (== net50) (&& (== netstandard2.1) (>= net472)) (&& (== netstandard2.1) (>= netcoreapp3.0)) (&& (== xamarinmac) (>= net472)) (&& (== xamarinmac) (>= netcoreapp3.0))
    cef.redist.x86 (86.0.24) - restriction: || (== net5.0-windows7.0) (== net50) (&& (== netstandard2.1) (>= net472)) (&& (== netstandard2.1) (>= netcoreapp3.0)) (&& (== xamarinmac) (>= net472)) (&& (== xamarinmac) (>= netcoreapp3.0))
    CefSharp.Common (86.0.241) - restriction: || (== net5.0-windows7.0) (== net50) (&& (== netstandard2.1) (>= net472)) (&& (== netstandard2.1) (>= netcoreapp3.0)) (&& (== xamarinmac) (>= net472)) (&& (== xamarinmac) (>= netcoreapp3.0))
      cef.redist.x64 (86.0.24)
      cef.redist.x86 (86.0.24)
    CefSharp.Wpf (86.0.241) - restriction: || (== net5.0-windows7.0) (== net50) (&& (== netstandard2.1) (>= net472)) (&& (== netstandard2.1) (>= netcoreapp3.0)) (&& (== xamarinmac) (>= net472)) (&& (== xamarinmac) (>= netcoreapp3.0))
      CefSharp.Common (86.0.241) - restriction: || (== net5.0-windows7.0) (== net50) (&& (== netstandard2.1) (>= net452)) (&& (== netstandard2.1) (>= netcoreapp3.0)) (&& (== xamarinmac) (>= net452)) (&& (== xamarinmac) (>= netcoreapp3.0))
    Fable.Browser.Blob (1.1)
      Fable.Core (>= 3.0)
      FSharp.Core (>= 4.6.2)
    Fable.Browser.Dom (2.2)
      Fable.Browser.Blob (>= 1.1)
      Fable.Browser.Event (>= 1.2.1)
      Fable.Browser.WebStorage (>= 1.0)
      Fable.Core (>= 3.0)
      FSharp.Core (>= 4.7.2)
    Fable.Browser.Event (1.2.1)
      Fable.Core (>= 3.0)
      FSharp.Core (>= 4.7)
    Fable.Browser.WebStorage (1.0)
      Fable.Browser.Event (>= 1.0)
      Fable.Core (>= 3.0)
      FSharp.Core (>= 4.5.2)
    Fable.Core (3.2)
      FSharp.Core (>= 5.0)
    Fable.Elmish (3.1)
      Fable.Core (>= 3.0)
      FSharp.Core (>= 4.6.2)
    Fable.Elmish.React (3.0.1)
      Fable.Core (>= 3.0)
      Fable.Elmish (>= 3.0)
      Fable.React (>= 5.1)
      FSharp.Core (>= 4.6.2)
    Fable.React (7.2)
      Fable.Browser.Dom (>= 2.0.1)
      Fable.Core (>= 3.1.5)
      FSharp.Core (>= 4.7.2)
    FSharp.Core (5.0)
    Interstellar.Chromium (0.3) - restriction: || (== net5.0-windows7.0) (== net50) (&& (== netstandard2.1) (>= net472)) (&& (== netstandard2.1) (>= netcoreapp3.0)) (&& (== xamarinmac) (>= net472)) (&& (== xamarinmac) (>= netcoreapp3.0))
      CefSharp.Common (>= 86.0.241) - restriction: || (== net5.0-windows7.0) (== net50) (&& (== netstandard2.1) (>= net472)) (&& (== netstandard2.1) (>= netcoreapp3.0)) (&& (== xamarinmac) (>= net472)) (&& (== xamarinmac) (>= netcoreapp3.0))
      FSharp.Core (>= 5.0) - restriction: || (== net5.0-windows7.0) (== net50) (&& (== netstandard2.1) (>= net472)) (&& (== netstandard2.1) (>= netcoreapp3.0)) (&& (== xamarinmac) (>= net472)) (&& (== xamarinmac) (>= netcoreapp3.0))
      Interstellar.Core (0.3) - restriction: || (== net5.0-windows7.0) (== net50) (&& (== netstandard2.1) (>= net472)) (&& (== netstandard2.1) (>= netcoreapp3.0)) (&& (== xamarinmac) (>= net472)) (&& (== xamarinmac) (>= netcoreapp3.0))
    Interstellar.Core (0.3)
      BlackFox.MasterOfFoo (>= 1.0.1)
      FSharp.Core (>= 5.0)
      System.Text.Encodings.Web (>= 5.0)
    Interstellar.macOS.WebKit (0.3)
      FSharp.Core (>= 5.0) - restriction: || (&& (== net5.0-windows7.0) (>= xamarinmac)) (&& (== net50) (>= xamarinmac)) (&& (== netstandard2.1) (>= xamarinmac)) (== xamarinmac)
      Interstellar.Core (0.3) - restriction: || (&& (== net5.0-windows7.0) (>= xamarinmac)) (&& (== net50) (>= xamarinmac)) (&& (== netstandard2.1) (>= xamarinmac)) (== xamarinmac)
    Interstellar.Wpf.Chromium (0.3)
      CefSharp.Wpf (>= 86.0.241) - restriction: || (== net5.0-windows7.0) (== net50) (&& (== netstandard2.1) (>= net472)) (&& (== netstandard2.1) (>= netcoreapp3.0)) (&& (== xamarinmac) (>= net472)) (&& (== xamarinmac) (>= netcoreapp3.0))
      FSharp.Core (>= 5.0) - restriction: || (== net5.0-windows7.0) (== net50) (&& (== netstandard2.1) (>= net472)) (&& (== netstandard2.1) (>= netcoreapp3.0)) (&& (== xamarinmac) (>= net472)) (&& (== xamarinmac) (>= netcoreapp3.0))
      Interstellar.Chromium (0.3) - restriction: || (== net5.0-windows7.0) (== net50) (&& (== netstandard2.1) (>= net472)) (&& (== netstandard2.1) (>= netcoreapp3.0)) (&& (== xamarinmac) (>= net472)) (&& (== xamarinmac) (>= netcoreapp3.0))
      Interstellar.Core (0.3) - restriction: || (== net5.0-windows7.0) (== net50) (&& (== netstandard2.1) (>= net472)) (&& (== netstandard2.1) (>= netcoreapp3.0)) (&& (== xamarinmac) (>= net472)) (&& (== xamarinmac) (>= netcoreapp3.0))
    Suave (2.6)
      FSharp.Core  - restriction: || (== net5.0-windows7.0) (== net50) (== netstandard2.1) (&& (== xamarinmac) (>= netstandard2.1))
    System.Buffers (4.5.1) - restriction: || (&& (== net5.0-windows7.0) (>= monotouch)) (&& (== net5.0-windows7.0) (>= net461)) (&& (== net5.0-windows7.0) (< netcoreapp2.0) (< netstandard2.1)) (&& (== net5.0-windows7.0) (< netcoreapp2.1) (< netstandard2.1) (>= xamarinios)) (&& (== net5.0-windows7.0) (< netcoreapp2.1) (< netstandard2.1) (>= xamarinmac)) (&& (== net5.0-windows7.0) (< netcoreapp2.1) (< netstandard2.1) (>= xamarintvos)) (&& (== net5.0-windows7.0) (< netcoreapp2.1) (< netstandard2.1) (>= xamarinwatchos)) (&& (== net5.0-windows7.0) (< netstandard1.1)) (&& (== net5.0-windows7.0) (< netstandard2.0)) (&& (== net5.0-windows7.0) (>= uap10.1)) (&& (== net50) (>= monotouch)) (&& (== net50) (>= net461)) (&& (== net50) (< netcoreapp2.0) (< netstandard2.1)) (&& (== net50) (< netcoreapp2.1) (< netstandard2.1) (>= xamarinios)) (&& (== net50) (< netcoreapp2.1) (< netstandard2.1) (>= xamarinmac)) (&& (== net50) (< netcoreapp2.1) (< netstandard2.1) (>= xamarintvos)) (&& (== net50) (< netcoreapp2.1) (< netstandard2.1) (>= xamarinwatchos)) (&& (== net50) (< netstandard1.1)) (&& (== net50) (< netstandard2.0)) (&& (== net50) (>= uap10.1)) (&& (== netstandard2.1) (>= net461)) (&& (== netstandard2.1) (>= uap10.1)) (== xamarinmac)
    System.Memory (4.5.4) - restriction: || (&& (== net5.0-windows7.0) (>= net461)) (&& (== net5.0-windows7.0) (< netcoreapp2.1) (< netstandard2.1)) (&& (== net5.0-windows7.0) (>= uap10.1)) (&& (== net50) (>= net461)) (&& (== net50) (< netcoreapp2.1) (< netstandard2.1)) (&& (== net50) (>= uap10.1)) (&& (== netstandard2.1) (>= net461)) (&& (== netstandard2.1) (>= uap10.1)) (== xamarinmac)
      System.Buffers (>= 4.5.1) - restriction: || (&& (== net5.0-windows7.0) (>= monotouch)) (&& (== net5.0-windows7.0) (>= net461)) (&& (== net5.0-windows7.0) (< netcoreapp2.0)) (&& (== net5.0-windows7.0) (< netstandard1.1)) (&& (== net5.0-windows7.0) (< netstandard2.0)) (&& (== net5.0-windows7.0) (>= xamarinios)) (&& (== net5.0-windows7.0) (>= xamarinmac)) (&& (== net5.0-windows7.0) (>= xamarintvos)) (&& (== net5.0-windows7.0) (>= xamarinwatchos)) (&& (== net50) (>= monotouch)) (&& (== net50) (>= net461)) (&& (== net50) (< netcoreapp2.0)) (&& (== net50) (< netstandard1.1)) (&& (== net50) (< netstandard2.0)) (&& (== net50) (>= xamarinios)) (&& (== net50) (>= xamarinmac)) (&& (== net50) (>= xamarintvos)) (&& (== net50) (>= xamarinwatchos)) (== netstandard2.1) (== xamarinmac)
      System.Runtime.CompilerServices.Unsafe (>= 4.5.3) - restriction: || (&& (== net5.0-windows7.0) (>= monotouch)) (&& (== net5.0-windows7.0) (>= net461)) (&& (== net5.0-windows7.0) (< netcoreapp2.0)) (&& (== net5.0-windows7.0) (< netcoreapp2.1)) (&& (== net5.0-windows7.0) (< netstandard1.1)) (&& (== net5.0-windows7.0) (< netstandard2.0)) (&& (== net5.0-windows7.0) (>= uap10.1)) (&& (== net5.0-windows7.0) (>= xamarinios)) (&& (== net5.0-windows7.0) (>= xamarinmac)) (&& (== net5.0-windows7.0) (>= xamarintvos)) (&& (== net5.0-windows7.0) (>= xamarinwatchos)) (&& (== net50) (>= monotouch)) (&& (== net50) (>= net461)) (&& (== net50) (< netcoreapp2.0)) (&& (== net50) (< netcoreapp2.1)) (&& (== net50) (< netstandard1.1)) (&& (== net50) (< netstandard2.0)) (&& (== net50) (>= uap10.1)) (&& (== net50) (>= xamarinios)) (&& (== net50) (>= xamarinmac)) (&& (== net50) (>= xamarintvos)) (&& (== net50) (>= xamarinwatchos)) (== netstandard2.1) (== xamarinmac)
    System.Runtime.CompilerServices.Unsafe (5.0) - restriction: || (&& (== net5.0-windows7.0) (>= monotouch)) (&& (== net5.0-windows7.0) (>= net461)) (&& (== net5.0-windows7.0) (< netcoreapp2.0) (< netstandard2.1)) (&& (== net5.0-windows7.0) (< netcoreapp2.1) (< netstandard2.1)) (&& (== net5.0-windows7.0) (< netstandard1.1)) (&& (== net5.0-windows7.0) (< netstandard2.0)) (&& (== net5.0-windows7.0) (>= uap10.1)) (&& (== net50) (>= monotouch)) (&& (== net50) (>= net461)) (&& (== net50) (< netcoreapp2.0) (< netstandard2.1)) (&& (== net50) (< netcoreapp2.1) (< netstandard2.1)) (&& (== net50) (< netstandard1.1)) (&& (== net50) (< netstandard2.0)) (&& (== net50) (>= uap10.1)) (&& (== netstandard2.1) (>= net461)) (&& (== netstandard2.1) (>= uap10.1)) (== xamarinmac)
    System.Text.Encodings.Web (5.0)
      System.Memory (>= 4.5.4) - restriction: || (&& (== net5.0-windows7.0) (>= net461)) (&& (== net5.0-windows7.0) (< netcoreapp2.1) (< netstandard2.1)) (&& (== net5.0-windows7.0) (>= uap10.1)) (&& (== net50) (>= net461)) (&& (== net50) (< netcoreapp2.1) (< netstandard2.1)) (&& (== net50) (>= uap10.1)) (&& (== netstandard2.1) (>= net461)) (&& (== netstandard2.1) (>= uap10.1)) (== xamarinmac)
    Yarn.MSBuild (1.22.10)
