STORAGE: NONE
RESTRICTION: || (== netcoreapp3.1) (== netstandard2.0)
NUGET
  remote: https://api.nuget.org/v3/index.json
    BlackFox.MasterOfFoo (1.0.5)
      FSharp.Core (>= 4.2.3 < 5.0)
    cef.redist.x64 (75.1.14) - restriction: || (== netcoreapp3.1) (&& (== netstandard2.0) (>= net472)) (&& (== netstandard2.0) (>= netcoreapp3.0))
    cef.redist.x86 (75.1.14) - restriction: || (== netcoreapp3.1) (&& (== netstandard2.0) (>= net472)) (&& (== netstandard2.0) (>= netcoreapp3.0))
    CefSharp.Common (75.1.143) - restriction: || (== netcoreapp3.1) (&& (== netstandard2.0) (>= net472)) (&& (== netstandard2.0) (>= netcoreapp3.0))
      cef.redist.x64 (75.1.14)
      cef.redist.x86 (75.1.14)
    CefSharp.Wpf (75.1.143) - restriction: || (== netcoreapp3.1) (&& (== netstandard2.0) (>= net472)) (&& (== netstandard2.0) (>= netcoreapp3.0))
      CefSharp.Common (75.1.143) - restriction: || (== netcoreapp3.1) (&& (== netstandard2.0) (>= net452)) (&& (== netstandard2.0) (>= netcoreapp3.0))
    FSharp.Core (4.7)
    Interstellar.Chromium (0.2) - restriction: || (== netcoreapp3.1) (&& (== netstandard2.0) (>= net472)) (&& (== netstandard2.0) (>= netcoreapp3.0))
      CefSharp.Common (>= 75.1.143) - restriction: || (== netcoreapp3.1) (&& (== netstandard2.0) (>= net472)) (&& (== netstandard2.0) (>= netcoreapp3.0))
      FSharp.Core (>= 4.2.3) - restriction: || (== netcoreapp3.1) (&& (== netstandard2.0) (>= net472)) (&& (== netstandard2.0) (>= netcoreapp3.0))
      Interstellar.Core (0.2) - restriction: || (== netcoreapp3.1) (&& (== netstandard2.0) (>= net472)) (&& (== netstandard2.0) (>= netcoreapp3.0))
    Interstellar.Core (0.2)
      BlackFox.MasterOfFoo (>= 1.0.5)
      FSharp.Core (>= 4.2.3)
      System.Text.Encodings.Web (>= 4.7)
    Interstellar.Wpf.Chromium (0.2)
      CefSharp.Wpf (>= 75.1.143) - restriction: || (== netcoreapp3.1) (&& (== netstandard2.0) (>= net472)) (&& (== netstandard2.0) (>= netcoreapp3.0))
      FSharp.Core (>= 4.2.3) - restriction: || (== netcoreapp3.1) (&& (== netstandard2.0) (>= net472)) (&& (== netstandard2.0) (>= netcoreapp3.0))
      Interstellar.Chromium (0.2) - restriction: || (== netcoreapp3.1) (&& (== netstandard2.0) (>= net472)) (&& (== netstandard2.0) (>= netcoreapp3.0))
      Interstellar.Core (0.2) - restriction: || (== netcoreapp3.1) (&& (== netstandard2.0) (>= net472)) (&& (== netstandard2.0) (>= netcoreapp3.0))
    System.Buffers (4.5) - restriction: || (&& (== netcoreapp3.1) (>= monotouch)) (&& (== netcoreapp3.1) (>= net461)) (&& (== netcoreapp3.1) (< netcoreapp2.0) (< netstandard2.1)) (&& (== netcoreapp3.1) (< netstandard1.1)) (&& (== netcoreapp3.1) (< netstandard2.0)) (&& (== netcoreapp3.1) (>= uap10.1)) (&& (== netcoreapp3.1) (>= xamarinios)) (&& (== netcoreapp3.1) (>= xamarinmac)) (&& (== netcoreapp3.1) (>= xamarintvos)) (&& (== netcoreapp3.1) (>= xamarinwatchos)) (== netstandard2.0)
    System.Memory (4.5.3) - restriction: || (&& (== netcoreapp3.1) (>= net461)) (&& (== netcoreapp3.1) (< netcoreapp2.1) (< netstandard2.1)) (&& (== netcoreapp3.1) (>= uap10.1)) (== netstandard2.0)
      System.Buffers (>= 4.4) - restriction: || (&& (== netcoreapp3.1) (>= monotouch)) (&& (== netcoreapp3.1) (>= net461)) (&& (== netcoreapp3.1) (< netcoreapp2.0)) (&& (== netcoreapp3.1) (< netstandard1.1)) (&& (== netcoreapp3.1) (< netstandard2.0)) (&& (== netcoreapp3.1) (>= xamarinios)) (&& (== netcoreapp3.1) (>= xamarinmac)) (&& (== netcoreapp3.1) (>= xamarintvos)) (&& (== netcoreapp3.1) (>= xamarinwatchos)) (== netstandard2.0)
      System.Numerics.Vectors (>= 4.4) - restriction: || (&& (== netcoreapp3.1) (>= net461)) (&& (== netcoreapp3.1) (< netcoreapp2.0)) (== netstandard2.0)
      System.Runtime.CompilerServices.Unsafe (>= 4.5.2) - restriction: || (&& (== netcoreapp3.1) (>= monotouch)) (&& (== netcoreapp3.1) (>= net461)) (&& (== netcoreapp3.1) (< netcoreapp2.0)) (&& (== netcoreapp3.1) (< netcoreapp2.1)) (&& (== netcoreapp3.1) (< netstandard1.1)) (&& (== netcoreapp3.1) (< netstandard2.0)) (&& (== netcoreapp3.1) (>= uap10.1)) (&& (== netcoreapp3.1) (>= xamarinios)) (&& (== netcoreapp3.1) (>= xamarinmac)) (&& (== netcoreapp3.1) (>= xamarintvos)) (&& (== netcoreapp3.1) (>= xamarinwatchos)) (== netstandard2.0)
    System.Numerics.Vectors (4.5) - restriction: || (&& (== netcoreapp3.1) (>= net461)) (&& (== netcoreapp3.1) (< netcoreapp2.0) (< netstandard2.1)) (&& (== netcoreapp3.1) (>= uap10.1)) (== netstandard2.0)
    System.Runtime.CompilerServices.Unsafe (4.7) - restriction: || (&& (== netcoreapp3.1) (>= monotouch)) (&& (== netcoreapp3.1) (>= net461)) (&& (== netcoreapp3.1) (< netcoreapp2.0) (< netstandard2.1)) (&& (== netcoreapp3.1) (< netcoreapp2.1) (< netstandard2.1)) (&& (== netcoreapp3.1) (< netstandard1.1)) (&& (== netcoreapp3.1) (< netstandard2.0)) (&& (== netcoreapp3.1) (>= uap10.1)) (&& (== netcoreapp3.1) (>= xamarinios)) (&& (== netcoreapp3.1) (>= xamarinmac)) (&& (== netcoreapp3.1) (>= xamarintvos)) (&& (== netcoreapp3.1) (>= xamarinwatchos)) (== netstandard2.0)
    System.Text.Encodings.Web (4.7)
      System.Memory (>= 4.5.3) - restriction: || (&& (== netcoreapp3.1) (>= net461)) (&& (== netcoreapp3.1) (< netcoreapp2.1) (< netstandard2.1)) (&& (== netcoreapp3.1) (>= uap10.1)) (== netstandard2.0)
